GEM
  remote: http://rubygems.org/
  specs:
    poisson (0.1)

PLATFORMS
  java
  ruby

DEPENDENCIES
  poisson
